PATH
  remote: ../puma-websockets
  specs:
    puma-websockets (0.1.0)
      puma (~> 5.3.2)
      websocket-driver (~> 0.7)

PATH
  remote: ../puma
  specs:
    puma (5.3.2)
      nio4r (~> 2.0)

GEM
  remote: https://rubygems.org/
  specs:
    colorize (0.8.1)
    mustermann (1.1.1)
      ruby2_keywords (~> 0.0.1)
    net_http_unix (0.2.2)
    nio4r (2.5.7)
    parallel (1.20.1)
    puma-status (1.3)
      colorize (~> 0.8)
      net_http_unix (~> 0.2)
      parallel (~> 1)
    rack (2.2.3)
    rack-protection (2.1.0)
      rack
    ruby2_keywords (0.0.4)
    sinatra (2.1.0)
      mustermann (~> 1.0)
      rack (~> 2.2)
      rack-protection (= 2.1.0)
      tilt (~> 2.0)
    tilt (2.0.10)
    websocket-driver (0.7.4)
      websocket-extensions (>= 0.1.0)
    websocket-extensions (0.1.5)

PLATFORMS
  ruby

DEPENDENCIES
  puma!
  puma-status
  puma-websockets!
  sinatra

BUNDLED WITH
   2.1.4
